GEM
  remote: http://rubygems.org/
  specs:
    addressable (2.2.5)
    dm-core (1.1.0)
      addressable (~> 2.2.4)
    hpricot (0.8.4)
    newrelic_rpm (2.14.1)
    rack (1.2.2)
    sinatra (1.2.3)
      rack (~> 1.1)
      tilt (< 2.0, >= 1.2.2)
    syntax (1.0.0)
    tilt (1.2.2)

PLATFORMS
  ruby

DEPENDENCIES
  dm-core
  hpricot
  newrelic_rpm
  sinatra
  syntax
